PATH
  remote: .
  specs:
    codecitycli (0.1.0)

GEM
  remote: https://rubygems.org/
  specs:
    faraday (0.9.2)
      multipart-post (>= 1.2, < 3)
    faraday_middleware (0.12.2)
      faraday (>= 0.7.4, < 1.0)
    metaclass (0.0.4)
    minitest (5.11.3)
    mocha (1.8.0)
      metaclass (~> 0.0.1)
    multipart-post (2.0.0)
    rake (10.5.0)
    thor (0.19.4)

PLATFORMS
  ruby

DEPENDENCIES
  bundler (~> 1.16)
  codecitycli!
  faraday (~> 0.9.2)
  faraday_middleware (~> 0.12.2)
  minitest (~> 5.0)
  mocha (~> 1.8.0)
  rake (~> 10.0)
  thor (~> 0.19.1)

BUNDLED WITH
   1.17.2
