PATH
  remote: .
  specs:
    codecitycli (0.1.0)

GEM
  remote: https://rubygems.org/
  specs:
    minitest (5.11.3)
    rake (10.5.0)
    thor (0.19.4)

PLATFORMS
  ruby

DEPENDENCIES
  bundler (~> 1.16)
  codecitycli!
  minitest (~> 5.0)
  rake (~> 10.0)
  thor (~> 0.19.1)

BUNDLED WITH
   1.16.2
